GEM
  remote: http://rubygems.org/
  specs:
    binding_of_caller (0.7.2)
      debug_inspector (>= 0.0.1)
    chronic (0.10.2)
    coderay (1.1.0)
    crass (1.0.1)
    debug_inspector (0.0.2)
    htmlentities (4.3.3)
    method_source (0.8.2)
    mini_portile (0.6.2)
    nokogiri (1.6.6.2)
      mini_portile (~> 0.6.0)
    nokogumbo (1.2.0)
      nokogiri
    pry (0.10.1)
      coderay (~> 1.1.0)
      method_source (~> 0.8.1)
      slop (~> 3.4)
    pry-stack_explorer (0.4.9.2)
      binding_of_caller (>= 0.7)
      pry (>= 0.9.11)
    radius (0.7.4)
    sanitize (3.1.2)
      crass (~> 1.0.1)
      nokogiri (>= 1.4.4)
      nokogumbo (= 1.2.0)
    slop (3.6.0)

PLATFORMS
  ruby

DEPENDENCIES
  chronic
  htmlentities
  nokogiri
  pry
  pry-stack_explorer
  radius
  sanitize
