GEM
  remote: http://rubygems.org/
  specs:
    binding_of_caller (0.7.2)
      debug_inspector (>= 0.0.1)
    chronic (0.10.2)
    coderay (1.1.0)
    debug_inspector (0.0.2)
    htmlentities (4.3.1)
    method_source (0.8.2)
    mini_portile (0.5.3)
    nokogiri (1.6.1)
      mini_portile (~> 0.5.0)
    pry (0.9.12.6)
      coderay (~> 1.0)
      method_source (~> 0.8)
      slop (~> 3.4)
    pry-stack_explorer (0.4.9.1)
      binding_of_caller (>= 0.7)
      pry (>= 0.9.11)
    radius (0.7.4)
    sanitize (2.1.0)
      nokogiri (>= 1.4.4)
    slop (3.5.0)

PLATFORMS
  ruby

DEPENDENCIES
  chronic
  htmlentities
  nokogiri
  pry
  pry-stack_explorer
  radius
  sanitize
