GEM
  remote: http://rubygems.org/
  specs:
    binding_of_caller (0.7.2)
      debug_inspector (>= 0.0.1)
    chronic (0.10.2)
    coderay (1.1.1)
    colorize (0.8.1)
    crass (1.0.2)
    debug_inspector (0.0.2)
    git (1.3.0)
    htmlentities (4.3.4)
    method_source (0.8.2)
    mini_portile2 (2.1.0)
    nokogiri (1.6.8.1)
      mini_portile2 (~> 2.1.0)
    nokogumbo (1.4.10)
      nokogiri
    pry (0.10.4)
      coderay (~> 1.1.0)
      method_source (~> 0.8.1)
      slop (~> 3.4)
    pry-stack_explorer (0.4.9.2)
      binding_of_caller (>= 0.7)
      pry (>= 0.9.11)
    radius (0.7.4)
    sanitize (4.4.0)
      crass (~> 1.0.2)
      nokogiri (>= 1.4.4)
      nokogumbo (~> 1.4.1)
    slop (3.6.0)

PLATFORMS
  ruby

DEPENDENCIES
  chronic
  colorize
  git
  htmlentities
  nokogiri
  pry
  pry-stack_explorer
  radius
  sanitize

RUBY VERSION
   ruby 1.9.3p551

BUNDLED WITH
   1.13.6
